PATH
  remote: .
  specs:
    formatted_url (0.0.6)
      youtube_id (~> 0.0.3)

GEM
  remote: https://rubygems.org/
  specs:
    rake (0.9.2.2)
    youtube_id (0.0.3)

PLATFORMS
  ruby

DEPENDENCIES
  formatted_url!
  rake
