PATH
  remote: .
  specs:
    url_formatter (0.0.2)
      youtube_id

GEM
  remote: http://rubygems.org/
  specs:
    rake (0.9.2.2)
    youtube_id (0.0.3)

PLATFORMS
  ruby

DEPENDENCIES
  rake
  url_formatter!
