PATH
  remote: .
  specs:
    formatted_url (0.0.4)
      youtube_id

GEM
  remote: http://rubygems.org/
  specs:
    rake (0.9.2.2)
    youtube_id (0.0.3)

PLATFORMS
  ruby

DEPENDENCIES
  formatted_url!
  rake
